GEM
  remote: https://rubygems.org/
  specs:
    coderay (1.1.2)
    method_source (0.9.2)
    pg (1.2.2)
    pry (0.12.2)
      coderay (~> 1.1.0)
      method_source (~> 0.9.0)
    sequel (5.30.0)
    timeliness (0.4.4)

PLATFORMS
  ruby

DEPENDENCIES
  pg
  pry
  sequel
  timeliness

BUNDLED WITH
   2.1.2
